PATH
  remote: .
  specs:
    caching_proxy (0.0.1)

GEM
  remote: https://rubygems.org/
  specs:
    diff-lcs (1.2.5)
    json (1.8.3)
    rake (0.9.6)
    rdoc (3.12.2)
      json (~> 1.4)
    rspec (2.99.0)
      rspec-core (~> 2.99.0)
      rspec-expectations (~> 2.99.0)
      rspec-mocks (~> 2.99.0)
    rspec-core (2.99.2)
    rspec-expectations (2.99.2)
      diff-lcs (>= 1.1.3, < 2.0)
    rspec-mocks (2.99.4)
    rubygems-tasks (0.2.4)

PLATFORMS
  ruby

DEPENDENCIES
  bundler (~> 1.0)
  caching_proxy!
  rake (~> 0.8)
  rdoc (~> 3.0)
  rspec (~> 2.4)
  rubygems-tasks (~> 0.2)
